GEM
  remote: https://rubygems.org/
  specs:
    activesupport (6.0.0)
      concurrent-ruby (~> 1.0, >= 1.0.2)
      i18n (>= 0.7, < 2)
      minitest (~> 5.1)
      tzinfo (~> 1.1)
      zeitwerk (~> 2.1, >= 2.1.8)
    bson (4.5.0)
    chronic (0.10.2)
    concurrent-ruby (1.1.5)
    gtfs-realtime-bindings (0.0.5)
      protobuf (>= 3.0)
    i18n (1.6.0)
      concurrent-ruby (~> 1.0)
    middleware (0.1.0)
    minitest (5.12.0)
    mongo (2.10.2)
      bson (>= 4.4.2, < 5.0.0)
    protobuf (3.10.1)
      activesupport (>= 3.2)
      middleware
      thor
      thread_safe
    rake (12.3.3)
    thor (0.20.3)
    thread_safe (0.3.6)
    tzinfo (1.2.5)
      thread_safe (~> 0.1)
    whenever (1.0.0)
      chronic (>= 0.6.3)
    zeitwerk (2.1.10)

PLATFORMS
  ruby

DEPENDENCIES
  gtfs-realtime-bindings
  mongo
  rake
  whenever

BUNDLED WITH
   1.17.3
